GEM
  remote: https://rubygems.org/
  specs:
    bigdecimal (3.1.8)
    csv (3.3.0)
    fast_jsonparser (0.6.0)
    httparty (0.22.0)
      csv
      mini_mime (>= 1.0.0)
      multi_xml (>= 0.5.2)
    mini_mime (1.1.5)
    multi_xml (0.7.1)
      bigdecimal (~> 3.1)
    rack (2.2.3)
    rack-test (2.1.0)
      rack (>= 1.3)
    rage-iodine (4.0.0)
    rage-rb (1.10.1)
      rack (~> 2.0)
      rack-test (~> 2.1)
      rage-iodine (~> 4.0)
      rake (>= 12.0)
      thor (~> 1.0)
      zeitwerk (~> 2.6)
    rake (13.2.1)
    thor (1.3.1)
    zeitwerk (2.6.13)

PLATFORMS
  arm64-darwin-23
  ruby

DEPENDENCIES
  fast_jsonparser (~> 0.6.0)
  httparty (~> 0.22.0)
  rage-rb (~> 1.1)

BUNDLED WITH
   2.5.9
